PATH
  remote: .
  specs:
    mirrors (0.0.3)
      method_source (~> 0.8)

GEM
  remote: https://rubygems.org/
  specs:
    ast (2.3.0)
    byebug (9.0.6)
    docile (1.1.5)
    json (1.8.3)
    method_source (0.8.2)
    minitest (5.9.1)
    parser (2.3.1.4)
      ast (~> 2.2)
    powerpack (0.1.1)
    rainbow (2.1.0)
    rubocop (0.46.0)
      parser (>= 2.3.1.1, < 3.0)
      powerpack (~> 0.1)
      rainbow (>= 1.99.1, < 3.0)
      ruby-progressbar (~> 1.7)
      unicode-display_width (~> 1.0, >= 1.0.1)
    ruby-progressbar (1.8.1)
    simplecov (0.12.0)
      docile (~> 1.1.0)
      json (>= 1.8, < 3)
      simplecov-html (~> 0.10.0)
    simplecov-html (0.10.0)
    unicode-display_width (1.1.1)
    yard (0.9.5)

PLATFORMS
  ruby

DEPENDENCIES
  byebug (~> 9.0.6)
  minitest (~> 5.0)
  mirrors!
  rubocop (~> 0.46)
  simplecov (~> 0.12)
  yard (~> 0.9)

BUNDLED WITH
   1.13.6
