PATH
  remote: .
  specs:
    mirrors (0.0.3)
      method_source (~> 0.8)

GEM
  remote: https://rubygems.org/
  specs:
    byebug (9.0.6)
    method_source (0.8.2)
    minitest (5.9.1)
    yard (0.9.5)

PLATFORMS
  ruby

DEPENDENCIES
  byebug (~> 9.0.6)
  minitest (~> 5.0)
  mirrors!
  yard (~> 0.9)

BUNDLED WITH
   1.13.6
